GEM
  remote: https://rubygems.org/
  specs:
    aws-eventstream (1.0.2)
    aws-partitions (1.149.0)
    aws-sdk-core (3.48.3)
      aws-eventstream (~> 1.0, >= 1.0.2)
      aws-partitions (~> 1.0)
      aws-sigv4 (~> 1.1)
      jmespath (~> 1.0)
    aws-sdk-kms (1.16.0)
      aws-sdk-core (~> 3, >= 3.48.2)
      aws-sigv4 (~> 1.1)
    aws-sdk-s3 (1.36.0)
      aws-sdk-core (~> 3, >= 3.48.2)
      aws-sdk-kms (~> 1)
      aws-sigv4 (~> 1.0)
    aws-sigv4 (1.1.0)
      aws-eventstream (~> 1.0, >= 1.0.2)
    image_size (2.0.0)
    jmespath (1.4.0)
    md2review (1.12.0)
      redcarpet (> 2.0.0)
    rake (12.3.2)
    redcarpet (3.4.0)
    review (3.1.0)
      image_size
      rouge
      rubyzip
    rouge (3.3.0)
    rubyzip (1.2.2)

PLATFORMS
  ruby

DEPENDENCIES
  aws-sdk-s3
  md2review
  rake
  review (= 3.1.0)

BUNDLED WITH
   1.17.2
