GEM
  remote: https://rubygems.org/
  specs:
    faraday (0.17.6)
      multipart-post (>= 1.2, < 3)
    mini_portile2 (2.8.7)
    multipart-post (2.4.1)
    nokogiri (1.16.5)
      mini_portile2 (~> 2.8.2)
      racc (~> 1.4)
    racc (1.8.1)
    redcarpet (3.5.1)

PLATFORMS
  ruby

DEPENDENCIES
  faraday
  nokogiri
  redcarpet

BUNDLED WITH
   2.7.1
